GEM
  remote: https://rubygems.org/
  specs:
    rake (10.5.0)
    zip (2.0.2)

PLATFORMS
  x86-mingw32

DEPENDENCIES
  rake (~> 10.0)
  zip (> 1.0.0)

BUNDLED WITH
   1.15.4
